GEM
  remote: http://rubygems.org/
  specs:
    activesupport (3.2.13)
      i18n (= 0.6.1)
      multi_json (~> 1.0)
    adhearsion (1.2.6)
      activesupport (>= 2.1.0)
      bundler (>= 1.0.10)
      i18n
      json
      log4r (>= 1.0.5)
      pry
      rake
      thor
    coderay (1.0.9)
    i18n (0.6.1)
    json (1.7.7)
    log4r (1.1.10)
    method_source (0.8.1)
    multi_json (1.7.2)
    pry (0.9.12)
      coderay (~> 1.0.5)
      method_source (~> 0.8)
      slop (~> 3.4)
    rake (10.0.3)
    slop (3.4.4)
    thor (0.18.1)

PLATFORMS
  ruby

DEPENDENCIES
  adhearsion (>= 1.2.4)
